GEM
  remote: https://rubygems.org/
  specs:
    activesupport (3.1.12)
      multi_json (~> 1.0)
    builder (3.2.3)
    byebug (9.0.6)
    childprocess (0.6.1)
      ffi (~> 1.0, >= 1.0.11)
    coderay (1.1.1)
    cucumber (2.4.0)
      builder (>= 2.1.2)
      cucumber-core (~> 1.5.0)
      cucumber-wire (~> 0.0.1)
      diff-lcs (>= 1.1.3)
      gherkin (~> 4.0)
      multi_json (>= 1.7.5, < 2.0)
      multi_test (>= 0.1.2)
    cucumber-core (1.5.0)
      gherkin (~> 4.0)
    cucumber-wire (0.0.1)
    diff-lcs (1.3)
    faker (1.7.2)
      i18n (~> 0.5)
    ffi (1.9.17)
    gherkin (4.0.0)
    httparty (0.14.0)
      multi_xml (>= 0.5.2)
    i18n (0.7.0)
    metaclass (0.0.4)
    method_source (0.8.2)
    mocha (1.2.1)
      metaclass (~> 0.0.1)
    multi_json (1.12.1)
    multi_test (0.1.2)
    multi_xml (0.6.0)
    pry (0.10.4)
      coderay (~> 1.1.0)
      method_source (~> 0.8.1)
      slop (~> 3.4)
    pry-byebug (3.4.2)
      byebug (~> 9.0)
      pry (~> 0.10)
    rake (12.0.0)
    rspec (3.5.0)
      rspec-core (~> 3.5.0)
      rspec-expectations (~> 3.5.0)
      rspec-mocks (~> 3.5.0)
    rspec-core (3.5.4)
      rspec-support (~> 3.5.0)
    rspec-expectations (3.5.0)
      diff-lcs (>= 1.2.0, < 2.0)
      rspec-support (~> 3.5.0)
    rspec-mocks (3.5.0)
      diff-lcs (>= 1.2.0, < 2.0)
      rspec-support (~> 3.5.0)
    rspec-support (3.5.0)
    rubigen (1.5.8)
      activesupport (>= 2.3.5, < 3.2.0)
    rubyzip (1.2.0)
    selenium-webdriver (3.0.5)
      childprocess (~> 0.5)
      rubyzip (~> 1.0)
      websocket (~> 1.0)
    slop (3.6.0)
    taglob (1.1.2)
    taza (0.8.7)
      mocha (>= 0.9.3)
      rake (>= 0.8.3)
      rspec (>= 1.1.12)
      rubigen (>= 1.4.0)
      taglob (>= 1.1.1)
    watir (6.1.0)
      selenium-webdriver (~> 3.0)
    watir-scroll (0.3.0)
      watir (>= 6.0)
    watir-webdriver (0.9.9)
      selenium-webdriver (>= 2.46.2)
    websocket (1.2.3)

PLATFORMS
  ruby

DEPENDENCIES
  cucumber
  faker
  httparty
  pry-byebug
  rspec
  selenium-webdriver
  taza
  watir-scroll
  watir-webdriver

BUNDLED WITH
   1.13.1
